PATH
  remote: .
  specs:
    dotenvx (0.0.1)
    dotenvx-rails (0.0.1)
      dotenvx (= 0.0.1)

GEM
  remote: https://rubygems.org/
  specs:
    byebug (11.1.3)
    diff-lcs (1.5.1)
    rake (12.3.3)
    rspec (3.13.0)
      rspec-core (~> 3.13.0)
      rspec-expectations (~> 3.13.0)
      rspec-mocks (~> 3.13.0)
    rspec-core (3.13.1)
      rspec-support (~> 3.13.0)
    rspec-expectations (3.13.3)
      diff-lcs (>= 1.2.0, < 2.0)
      rspec-support (~> 3.13.0)
    rspec-mocks (3.13.2)
      diff-lcs (>= 1.2.0, < 2.0)
      rspec-support (~> 3.13.0)
    rspec-support (3.13.1)
    spring (4.2.1)

PLATFORMS
  arm64-darwin-23
  ruby

DEPENDENCIES
  byebug
  dotenvx!
  dotenvx-rails!
  rake (~> 12.0)
  rspec (~> 3.0)
  spring

BUNDLED WITH
   2.5.11
